PATH
  remote: .
  specs:
    agnostic_backend (0.9.3)
      activesupport (~> 3)
      aws-sdk (~> 2)

GEM
  remote: https://rubygems.org/
  specs:
    activesupport (3.2.22.2)
      i18n (~> 0.6, >= 0.6.4)
      multi_json (~> 1.0)
    aws-sdk (2.2.29)
      aws-sdk-resources (= 2.2.29)
    aws-sdk-core (2.2.29)
      jmespath (~> 1.0)
    aws-sdk-resources (2.2.29)
      aws-sdk-core (= 2.2.29)
    diff-lcs (1.2.5)
    docile (1.1.5)
    i18n (0.7.0)
    jmespath (1.1.3)
    json (1.8.3)
    multi_json (1.11.2)
    rake (10.5.0)
    rspec (2.99.0)
      rspec-core (~> 2.99.0)
      rspec-expectations (~> 2.99.0)
      rspec-mocks (~> 2.99.0)
    rspec-core (2.99.2)
    rspec-expectations (2.99.2)
      diff-lcs (>= 1.1.3, < 2.0)
    rspec-mocks (2.99.4)
    simplecov (0.11.2)
      docile (~> 1.1.0)
      json (~> 1.8)
      simplecov-html (~> 0.10.0)
    simplecov-html (0.10.0)

PLATFORMS
  ruby

DEPENDENCIES
  agnostic_backend!
  bundler
  rake (~> 10)
  rspec (~> 2)
  simplecov
  simplecov-html

BUNDLED WITH
   1.11.2
