PATH
  remote: .
  specs:
    agnostic_store (0.1.0)
      activerecord (>= 3.2.22)
      activesupport (>= 3.2.22)

GEM
  remote: https://rubygems.org/
  specs:
    activemodel (3.2.22)
      activesupport (= 3.2.22)
      builder (~> 3.0.0)
    activerecord (3.2.22)
      activemodel (= 3.2.22)
      activesupport (= 3.2.22)
      arel (~> 3.0.2)
      tzinfo (~> 0.3.29)
    activesupport (3.2.22)
      i18n (~> 0.6, >= 0.6.4)
      multi_json (~> 1.0)
    arel (3.0.3)
    builder (3.0.4)
    diff-lcs (1.2.5)
    docile (1.1.5)
    i18n (0.7.0)
    multi_json (1.11.2)
    rake (10.4.2)
    rspec (2.14.1)
      rspec-core (~> 2.14.0)
      rspec-expectations (~> 2.14.0)
      rspec-mocks (~> 2.14.0)
    rspec-core (2.14.8)
    rspec-expectations (2.14.5)
      diff-lcs (>= 1.1.3, < 2.0)
    rspec-mocks (2.14.6)
    simplecov (0.9.1)
      docile (~> 1.1.0)
      multi_json (~> 1.0)
      simplecov-html (~> 0.8.0)
    simplecov-html (0.8.0)
    tzinfo (0.3.45)

PLATFORMS
  ruby

DEPENDENCIES
  agnostic_store!
  bundler (~> 1.10)
  rake (~> 10.0)
  rspec
  simplecov
  simplecov-html

BUNDLED WITH
   1.10.6
